PATH
  remote: .
  specs:
    chainpoint (0.0.3)
      json

GEM
  remote: https://rubygems.org/
  specs:
    diff-lcs (1.3)
    json (2.2.0)
    rake (10.5.0)
    rspec (3.8.0)
      rspec-core (~> 3.8.0)
      rspec-expectations (~> 3.8.0)
      rspec-mocks (~> 3.8.0)
    rspec-core (3.8.0)
      rspec-support (~> 3.8.0)
    rspec-expectations (3.8.2)
      diff-lcs (>= 1.2.0, < 2.0)
      rspec-support (~> 3.8.0)
    rspec-mocks (3.8.0)
      diff-lcs (>= 1.2.0, < 2.0)
      rspec-support (~> 3.8.0)
    rspec-support (3.8.0)
    yard (0.9.18)

PLATFORMS
  ruby

DEPENDENCIES
  bundler (~> 1.16)
  chainpoint!
  rake (~> 10.0)
  rspec (~> 3.0)
  yard (~> 0.9.18)

BUNDLED WITH
   1.16.6
